GIT
  remote: git@github.com:tcannonfodder/chronic.git
  revision: e87a0b09787010e9fa6e6d6bb7ddbfd0be33b40b
  branch: master
  specs:
    chronic (0.10.2)
      numerizer (~> 0.2)

GEM
  remote: https://rubygems.org/
  specs:
    awesome_print (1.6.1)
    coderay (1.1.1)
    method_source (0.8.2)
    minitest (5.8.4)
    numerizer (0.2.0)
    pry (0.10.3)
      coderay (~> 1.1.0)
      method_source (~> 0.8.1)
      slop (~> 3.4)
    slop (3.6.0)

PLATFORMS
  ruby

DEPENDENCIES
  awesome_print
  chronic!
  minitest
  pry

BUNDLED WITH
   1.11.2
